GIT
  remote: git@github.com:methodmissing/eventmachine.git
  revision: c455a95791064d26710a01dd0033754ece9aa6fb
  branch: dtrace
  specs:
    eventmachine (1.0.0.beta.3)

GEM
  remote: http://rubygems.org/
  specs:
    bcrypt-ruby (2.1.4)
    daemons (1.1.3)
    em_mysql2_connection_pool (0.0.5)
      eventmachine
      mysql2
    mysql2 (0.3.2)
    rack (1.3.0)
    thin (1.2.11)
      daemons (>= 1.0.9)
      eventmachine (>= 0.12.6)
      rack (>= 1.0.0)
    thin_async (0.1.1)
      thin (>= 1.2.1)

PLATFORMS
  ruby

DEPENDENCIES
  bcrypt-ruby
  em_mysql2_connection_pool
  eventmachine!
  mysql2
  rack (= 1.3.0)
  thin_async
